GEM
  remote: https://rubygems.org/
  specs:
    bosh-template (2.2.1)
      semi_semantic (~> 1.2.0)
    rspec-json_expectations (2.2.0)
    semi_semantic (1.2.0)

PLATFORMS
  ruby

DEPENDENCIES
  bosh-template
  rspec-json_expectations

BUNDLED WITH
   2.0.1
